GEM
  remote: https://rubygems.org/
  specs:
    active_support (3.0.0)
      activesupport (= 3.0.0)
    activesupport (3.0.0)
    addressable (2.3.3)
    adsf (1.1.1)
      rack (>= 1.0.0)
    blankslate (3.1.2)
    builder (3.2.0)
    coderay (1.0.9)
    colored (1.2)
    cri (2.3.0)
      colored (>= 1.2)
    curb (0.8.3)
    douban_api (0.1.5)
      faraday (>= 0.7, < 0.9)
      faraday_middleware (~> 0.8)
      hashie (>= 0.4.0)
      multi_json (~> 1.0, >= 1.0.3)
    faraday (0.8.7)
      multipart-post (~> 1.1)
    faraday_middleware (0.9.0)
      faraday (>= 0.7.4, < 0.9)
    feedzirra (0.0.24)
      activesupport (>= 2.3.8)
      builder (>= 2.1.2)
      curb (>= 0.2.3)
      loofah (>= 0.3.1)
      nokogiri (> 0.0.0)
      sax-machine (>= 0.0.12)
    ffi (1.0.11)
    fssm (0.2.10)
    haml (4.0.1)
      tilt
    hashie (2.0.3)
    jsmin (1.0.1)
    kramdown (1.0.1)
    loofah (1.2.1)
      nokogiri (>= 1.4.4)
    method_source (0.8.1)
    mime-types (1.21)
    multi_json (1.7.2)
    multipart-post (1.2.0)
    nanoc (3.6.1)
      cri (~> 2.3)
    nanoc-toolbox (0.1.1)
      jsmin (~> 1.0)
      nanoc (~> 3.4)
      nokogiri (~> 1.4)
    netrc (0.7.7)
    nokogiri (1.4.7)
    octokit (1.24.0)
      addressable (~> 2.2)
      faraday (~> 0.8)
      faraday_middleware (~> 0.9)
      hashie (~> 2.0)
      multi_json (~> 1.3)
      netrc (~> 0.7.7)
    pry (0.9.12)
      coderay (~> 1.0.5)
      method_source (~> 0.8)
      slop (~> 3.4)
    pry-remote (0.1.7)
      pry (~> 0.9)
      slop (~> 3.0)
    pygments.rb (0.2.13)
      rubypython (~> 0.5.3)
    rack (1.5.2)
    rake (10.0.3)
    rubypython (0.5.3)
      blankslate (>= 2.1.2.3)
      ffi (~> 1.0.7)
    sax-machine (0.1.0)
      nokogiri (> 0.0.0)
    slop (3.4.4)
    systemu (2.5.2)
    tilt (1.3.6)
    yajl-ruby (1.1.0)

PLATFORMS
  ruby

DEPENDENCIES
  active_support
  adsf
  coderay
  douban_api (~> 0.1.5)
  feedzirra
  fssm
  haml (~> 4.0.1)
  kramdown
  mime-types (~> 1.16)
  nanoc (~> 3.6.1)
  nanoc-toolbox (~> 0.1.1)
  nokogiri
  octokit
  pry
  pry-remote
  pygments.rb
  rake
  systemu
  yajl-ruby
